PATH
  remote: .
  specs:
    microtest (0.1.0)

GEM
  remote: https://rubygems.org/
  specs:

PLATFORMS
  ruby

DEPENDENCIES
  microtest!

BUNDLED WITH
   1.16.4
